GEM
  remote: https://rubygems.org/
  specs:
    ansi (1.5.0)
    builder (3.2.3)
    minitest (5.10.1)
    minitest-power_assert (0.2.0)
      minitest
      power_assert
    minitest-reporters (1.1.14)
      ansi
      builder
      minitest (>= 5.0)
      ruby-progressbar
    power_assert (1.0.1)
    ruby-progressbar (1.8.1)

PLATFORMS
  ruby

DEPENDENCIES
  minitest
  minitest-power_assert
  minitest-reporters

BUNDLED WITH
   1.14.4
